PATH
  remote: .
  specs:
    CLI-Project (0.1.0)

GEM
  remote: https://rubygems.org/
  specs:
    httparty (0.21.0)
      mini_mime (>= 1.0.0)
      multi_xml (>= 0.5.2)
    mini_mime (1.1.2)
    multi_xml (0.6.0)

PLATFORMS
  ruby

DEPENDENCIES
  CLI-Project!
  bundler (~> 1.17)
  httparty (~> 0.21.0)

BUNDLED WITH
   1.17.2
