PATH
  remote: .
  specs:
    CLI-Project (0.1.0)

GEM
  remote: https://rubygems.org/
  specs:
    httparty (0.18.1)
      mime-types (~> 3.0)
      multi_xml (>= 0.5.2)
    mime-types (3.3.1)
      mime-types-data (~> 3.2015)
    mime-types-data (3.2020.0512)
    multi_xml (0.6.0)

PLATFORMS
  ruby

DEPENDENCIES
  CLI-Project!
  bundler (~> 1.17)
  httparty

BUNDLED WITH
   1.17.2
